GEM
  remote: http://rubygems.org/
  specs:
    actionmailer (2.3.11)
      actionpack (= 2.3.11)
    actionpack (2.3.11)
      activesupport (= 2.3.11)
      rack (~> 1.1.0)
    activerecord (2.3.11)
      activesupport (= 2.3.11)
    activeresource (2.3.11)
      activesupport (= 2.3.11)
    activesupport (2.3.11)
    annotate (2.4.0)
    configuration (1.2.0)
    faker (0.9.5)
      i18n (~> 0.4)
    haml (3.1.1)
    haml_scaffold (1.1.0)
      haml (>= 2.0.6)
      mocha (>= 0.9.0)
      will_paginate (>= 2.2.2)
    heroku (2.1.4)
      launchy (>= 0.3.2)
      rest-client (~> 1.6.1)
      term-ansicolor (~> 1.0.5)
    heroku_san (1.2.0)
      heroku
      rails (>= 2)
    i18n (0.5.0)
    launchy (0.4.0)
      configuration (>= 0.0.5)
      rake (>= 0.8.1)
    mime-types (1.16)
    mocha (0.9.12)
    rack (1.1.2)
    rails (2.3.11)
      actionmailer (= 2.3.11)
      actionpack (= 2.3.11)
      activerecord (= 2.3.11)
      activeresource (= 2.3.11)
      activesupport (= 2.3.11)
      rake (>= 0.8.3)
    rake (0.8.7)
    rcov (0.9.9)
    rest-client (1.6.1)
      mime-types (>= 1.16)
    sqlite3 (1.3.3)
    term-ansicolor (1.0.5)
    will_paginate (2.3.15)

PLATFORMS
  ruby

DEPENDENCIES
  annotate
  faker
  haml
  haml_scaffold
  heroku
  heroku_san
  mocha
  rails (= 2.3.11)
  rcov
  sqlite3
  will_paginate (~> 2.3.11)
